STORAGE: NONE
RESTRICTION: || (== netcoreapp3.1) (== netstandard2.0) (== netstandard2.1)
NUGET
  remote: https://api.nuget.org/v3/index.json
    Fable.AST (3.0.0-nagareyama-beta-001)
    Fable.Browser.Blob (1.1)
      Fable.Core (>= 3.0)
      FSharp.Core (>= 4.6.2)
    Fable.Browser.Dom (2.1.2)
      Fable.Browser.Blob (>= 1.1)
      Fable.Browser.Event (>= 1.2.1)
      Fable.Browser.WebStorage (>= 1.0)
      Fable.Core (>= 3.0)
      FSharp.Core (>= 4.7.1)
    Fable.Browser.Event (1.2.1)
      Fable.Core (>= 3.0)
      FSharp.Core (>= 4.7)
    Fable.Browser.WebStorage (1.0)
      Fable.Browser.Event (>= 1.0)
      Fable.Core (>= 3.0)
      FSharp.Core (>= 4.5.2)
    Fable.Core (3.1.6)
      FSharp.Core (>= 4.7.1)
    Fable.Elmish (3.1)
      Fable.Core (>= 3.0)
      FSharp.Core (>= 4.6.2)
    Fable.Elmish.React (3.0.1)
      Fable.Core (>= 3.0)
      Fable.Elmish (>= 3.0)
      Fable.React (>= 5.1)
      FSharp.Core (>= 4.6.2)
    Fable.Promise (2.1)
      Fable.Core (>= 3.1.5)
      FSharp.Core (>= 4.7)
    Fable.React (7.0.1)
      Fable.Browser.Dom (>= 2.0.1)
      Fable.Core (>= 3.1.5)
      FSharp.Core (>= 4.7.1)
    Feliz (1.16)
      Fable.Core (>= 3.1.5)
      Fable.React (>= 7.0.1)
      Feliz.CompilerPlugins (>= 0.1)
      FSharp.Core (>= 4.7.2)
    Feliz.CompilerPlugins (0.1)
      Fable.AST (>= 3.0.0-nagareyama-beta-001)
      FSharp.Core (>= 4.7.1)
    Feliz.Router (3.2)
      Fable.Core (>= 3.1.5)
      Fable.Elmish (>= 3.1)
      Feliz (>= 1.13.1)
      Feliz.UseListener (>= 0.6.1)
      FSharp.Core (>= 4.7.2)
    Feliz.UseElmish (1.4.1)
      Fable.Elmish (>= 3.0.6)
      Fable.Promise (>= 2.0)
      Feliz (>= 1.13.1)
      FSharp.Core (>= 4.7)
    Feliz.UseListener (0.6.2)
      Fable.Core (>= 3.1.5 < 4.0)
      Feliz (>= 1.13.2 < 2.0)
      FSharp.Core (>= 4.7.2 < 5.0)
    FSharp.Core (4.7.2)
